GIT
  remote: https://github.com/faker-ruby/faker.git
  revision: 179ff348e3eb14cdabb17fcbad4c0f22e502a321
  branch: master
  specs:
    faker (2.9.0)
      i18n (>= 1.6, < 1.8)

GEM
  remote: https://rubygems.org/
  specs:
    bindata (2.4.10)
    concurrent-ruby (1.1.5)
    diff-lcs (1.3)
    i18n (1.7.0)
      concurrent-ruby (~> 1.0)
    rspec (3.9.0)
      rspec-core (~> 3.9.0)
      rspec-expectations (~> 3.9.0)
      rspec-mocks (~> 3.9.0)
    rspec-core (3.9.1)
      rspec-support (~> 3.9.1)
    rspec-expectations (3.9.0)
      diff-lcs (>= 1.2.0, < 2.0)
      rspec-support (~> 3.9.0)
    rspec-mocks (3.9.0)
      diff-lcs (>= 1.2.0, < 2.0)
      rspec-support (~> 3.9.0)
    rspec-support (3.9.1)
    spicy-proton (2.1.4)
      bindata (~> 2.3)

PLATFORMS
  ruby

DEPENDENCIES
  faker!
  rspec
  spicy-proton

BUNDLED WITH
   1.17.1
